GEM
  remote: https://rubygems.org/
  specs:
    activesupport (7.0.3.1)
      concurrent-ruby (~> 1.0, >= 1.0.2)
      i18n (>= 1.6, < 2)
      minitest (>= 5.1)
      tzinfo (~> 2.0)
    concurrent-ruby (1.1.10)
    i18n (1.12.0)
      concurrent-ruby (~> 1.0)
    minitest (5.16.2)
    mustermann (1.1.2)
      ruby2_keywords (~> 0.0.1)
    optimist (3.0.1)
    rack (2.2.4)
    rack-protection (2.0.8.1)
      rack
    ruby2_keywords (0.0.5)
    sinatra (2.0.8.1)
      mustermann (~> 1.0)
      rack (~> 2.0)
      rack-protection (= 2.0.8.1)
      tilt (~> 2.0)
    tilt (2.0.11)
    tzinfo (2.0.5)
      concurrent-ruby (~> 1.0)
    weaver (0.8.10)
      activesupport
      optimist
      sinatra (~> 2.0.3)

PLATFORMS
  ruby

DEPENDENCIES
  weaver

BUNDLED WITH
   2.1.4
